PATH
  remote: .
  specs:
    awesome_translations (0.0.22)
      array_enumerator (~> 0.0.7)
      rails (>= 3.0.0, < 5.0.0)
      string-cases

GEM
  remote: https://rubygems.org/
  specs:
    actionmailer (4.0.10)
      actionpack (= 4.0.10)
      mail (~> 2.5, >= 2.5.4)
    actionpack (4.0.10)
      activesupport (= 4.0.10)
      builder (~> 3.1.0)
      erubis (~> 2.7.0)
      rack (~> 1.5.2)
      rack-test (~> 0.6.2)
    activemodel (4.0.10)
      activesupport (= 4.0.10)
      builder (~> 3.1.0)
    activerecord (4.0.10)
      activemodel (= 4.0.10)
      activerecord-deprecated_finders (~> 1.0.2)
      activesupport (= 4.0.10)
      arel (~> 4.0.0)
    activerecord-deprecated_finders (1.0.4)
    activesupport (4.0.10)
      i18n (~> 0.6, >= 0.6.9)
      minitest (~> 4.2)
      multi_json (~> 1.3)
      thread_safe (~> 0.1)
      tzinfo (~> 0.3.37)
    arel (4.0.2)
    array_enumerator (0.0.10)
    builder (3.1.4)
    codeclimate-test-reporter (0.4.1)
      simplecov (>= 0.7.1, < 1.0.0)
    diff-lcs (1.2.5)
    docile (1.1.5)
    erubis (2.7.0)
    factory_girl (4.5.0)
      activesupport (>= 3.0.0)
    factory_girl_rails (4.5.0)
      factory_girl (~> 4.5.0)
      railties (>= 3.0.0)
    forgery (0.6.0)
    haml (4.0.5)
      tilt
    haml-rails (0.5.3)
      actionpack (>= 4.0.1)
      activesupport (>= 4.0.1)
      haml (>= 3.1, < 5.0)
      railties (>= 4.0.1)
    i18n (0.6.11)
    jquery-rails (3.1.2)
      railties (>= 3.0, < 5.0)
      thor (>= 0.14, < 2.0)
    mail (2.6.3)
      mime-types (>= 1.16, < 3)
    mime-types (2.6.1)
    minitest (4.7.5)
    monetize (1.1.0)
      money (~> 6.5.0)
    money (6.5.1)
      i18n (>= 0.6.4, <= 0.7.0)
    money-rails (1.4.1)
      activesupport (>= 3.0)
      monetize (~> 1.1.0)
      money (~> 6.5.0)
      railties (>= 3.0)
    multi_json (1.10.1)
    rack (1.5.2)
    rack-test (0.6.2)
      rack (>= 1.0)
    rails (4.0.10)
      actionmailer (= 4.0.10)
      actionpack (= 4.0.10)
      activerecord (= 4.0.10)
      activesupport (= 4.0.10)
      bundler (>= 1.3.0, < 2.0)
      railties (= 4.0.10)
      sprockets-rails (~> 2.0)
    railties (4.0.10)
      actionpack (= 4.0.10)
      activesupport (= 4.0.10)
      rake (>= 0.8.7)
      thor (>= 0.18.1, < 2.0)
    rake (10.4.2)
    rspec-core (3.1.7)
      rspec-support (~> 3.1.0)
    rspec-expectations (3.1.2)
      diff-lcs (>= 1.2.0, < 2.0)
      rspec-support (~> 3.1.0)
    rspec-mocks (3.1.3)
      rspec-support (~> 3.1.0)
    rspec-rails (3.1.0)
      actionpack (>= 3.0)
      activesupport (>= 3.0)
      railties (>= 3.0)
      rspec-core (~> 3.1.0)
      rspec-expectations (~> 3.1.0)
      rspec-mocks (~> 3.1.0)
      rspec-support (~> 3.1.0)
    rspec-support (3.1.2)
    sass (3.4.13)
    sass-rails (5.0.3)
      railties (>= 4.0.0, < 5.0)
      sass (~> 3.1)
      sprockets (>= 2.8, < 4.0)
      sprockets-rails (>= 2.0, < 4.0)
      tilt (~> 1.1)
    simplecov (0.9.1)
      docile (~> 1.1.0)
      multi_json (~> 1.0)
      simplecov-html (~> 0.8.0)
    simplecov-html (0.8.0)
    sprockets (3.0.3)
      rack (~> 1.0)
    sprockets-rails (2.3.0)
      actionpack (>= 3.0)
      activesupport (>= 3.0)
      sprockets (>= 2.8, < 4.0)
    sqlite3 (1.3.9)
    string-cases (0.0.1)
    thor (0.19.1)
    thread_safe (0.3.4)
    tilt (1.4.1)
    tzinfo (0.3.42)

PLATFORMS
  ruby

DEPENDENCIES
  awesome_translations!
  codeclimate-test-reporter
  factory_girl_rails
  forgery
  haml
  haml-rails
  jquery-rails
  money-rails
  rspec-rails
  sass-rails
  sqlite3

BUNDLED WITH
   1.10.5
